GEM
  remote: https://rubygems.org/
  specs:
    async (1.15.5)
      nio4r (~> 2.3)
      timers (~> 4.1)
    async-container (0.10.2)
      async (~> 1.0)
      async-io (~> 1.4)
      process-group
    async-http (0.38.1)
      async (~> 1.14)
      async-io (~> 1.18)
      http-protocol (~> 0.15)
    async-io (1.20.0)
      async (~> 1.14)
    build-environment (1.7.0)
    falcon (0.26.0)
      async (~> 1.13)
      async-container (~> 0.10.0)
      async-http (~> 0.38.0)
      async-io (~> 1.20)
      build-environment (~> 1.6)
      http-protocol (~> 0.15)
      localhost (~> 1.1)
      rack (>= 1.0)
      samovar (~> 1.3)
    faraday (0.15.4)
      multipart-post (>= 1.2, < 3)
    http-hpack (0.1.1)
    http-protocol (0.15.0)
      http-hpack (~> 0.1.0)
    localhost (1.1.4)
    mapping (1.1.1)
    multipart-post (2.0.0)
    mustermann (1.0.3)
    nio4r (2.3.1)
    process-group (1.1.0)
    rack (2.2.3)
    rack-protection (2.0.5)
      rack
    rainbow (3.0.0)
    samovar (1.9.2)
      mapping (~> 1.0)
      rainbow (>= 2.0, < 4.0)
    sinatra (2.0.5)
      mustermann (~> 1.0)
      rack (~> 2.0)
      rack-protection (= 2.0.5)
      tilt (~> 2.0)
    tilt (2.0.9)
    timers (4.3.0)

PLATFORMS
  ruby

DEPENDENCIES
  async
  falcon
  faraday
  sinatra

BUNDLED WITH
   1.17.2
